GEM
  remote: https://rubygems.org/
  specs:
    addressable (2.3.2)
    ansi (1.4.3)
    deep_merge (1.0.0)
    fakefs (0.4.2)
    json (1.7.7)
    launchy (2.1.2)
      addressable (~> 2.3)
    minitest (4.6.1)
    rake (10.0.3)
    turn (0.9.6)
      ansi
    unindent (1.0)

PLATFORMS
  ruby

DEPENDENCIES
  deep_merge
  fakefs
  json
  launchy
  minitest
  rake
  turn
  unindent
